PATH
  remote: .
  specs:
    ldclient-rb (0.1.0)
      faraday (~> 0.9)
      faraday-http-cache (~> 0.4)
      json (~> 1.8)
      net-http-persistent (~> 2.9.4)
      thread_safe (~> 0.3)

GEM
  remote: https://rubygems.org/
  specs:
    faraday (0.9.1)
      multipart-post (>= 1.2, < 3)
    faraday-http-cache (0.4.2)
      faraday (~> 0.8)
    json (1.8.2)
    multipart-post (2.0.0)
    net-http-persistent (2.9.4)
    rake (10.4.2)
    thread_safe (0.3.4)

PLATFORMS
  ruby

DEPENDENCIES
  bundler (~> 1.7)
  ldclient-rb!
  rake (~> 10.0)
